GEM
  remote: https://rubygems.org/
  specs:
    coderay (1.1.2)
    execjs (2.7.0)
    execjs-fastnode (0.2.1)
      execjs (~> 2.0)
    method_source (0.9.2)
    minitest (5.11.3)
    pry (0.12.2)
      coderay (~> 1.1.0)
      method_source (~> 0.9.0)

PLATFORMS
  ruby

DEPENDENCIES
  execjs
  execjs-fastnode
  minitest
  pry

BUNDLED WITH
   1.17.3
